PATH
  remote: .
  specs:
    charge_set (0.1.0)
      money (>= 6.16)

GEM
  remote: https://rubygems.org/
  specs:
    byebug (11.1.1)
    concurrent-ruby (1.1.9)
    diff-lcs (1.3)
    i18n (1.8.10)
      concurrent-ruby (~> 1.0)
    money (6.16.0)
      i18n (>= 0.6.4, <= 2)
    rake (12.3.3)
    rspec (3.9.0)
      rspec-core (~> 3.9.0)
      rspec-expectations (~> 3.9.0)
      rspec-mocks (~> 3.9.0)
    rspec-core (3.9.0)
      rspec-support (~> 3.9.0)
    rspec-expectations (3.9.0)
      diff-lcs (>= 1.2.0, < 2.0)
      rspec-support (~> 3.9.0)
    rspec-mocks (3.9.0)
      diff-lcs (>= 1.2.0, < 2.0)
      rspec-support (~> 3.9.0)
    rspec-support (3.9.0)

PLATFORMS
  ruby

DEPENDENCIES
  byebug
  charge_set!
  rake (~> 12.0)
  rspec (~> 3.0)

BUNDLED WITH
   2.2.22
